GEM
  remote: https://rubygems.org/
  specs:
    RedCloth (4.2.9)
    active_support (3.0.0)
      activesupport (= 3.0.0)
    activesupport (3.0.0)
    chunky_png (1.2.9)
    classifier (1.3.3)
      fast-stemmer (>= 1.0.0)
    coffee-script (2.2.0)
      coffee-script-source
      execjs
    coffee-script-source (1.7.0)
    compass (0.12.2)
      chunky_png (~> 1.2)
      fssm (>= 0.2.7)
      sass (~> 3.1)
    directory_watcher (1.4.1)
    em-synchrony (1.0.3)
      eventmachine (>= 1.0.0.beta.1)
    eventmachine (1.0.3)
    execjs (2.2.0)
    fast-stemmer (1.0.2)
    flickraw (0.9.7)
    fssm (0.2.10)
    haml (3.1.8)
    hike (1.2.3)
    hiredis (0.4.5)
    jekyll (0.12.1)
      classifier (~> 1.3)
      directory_watcher (~> 1.1)
      kramdown (~> 0.14)
      liquid (~> 2.3)
      maruku (~> 0.5)
      pygments.rb (~> 0.3.2)
    jekyll-asset-pipeline (0.1.2)
      jekyll (>= 0.10.0)
      liquid (>= 1.9.0)
    json (1.8.1)
    kramdown (0.14.2)
    liquid (2.3.0)
    maruku (0.7.0)
    multi_json (1.10.1)
    posix-spawn (0.3.8)
    pygments.rb (0.3.7)
      posix-spawn (~> 0.3.6)
      yajl-ruby (~> 1.1.0)
    rack (1.5.2)
    rack-protection (1.5.1)
      rack
    rake (0.9.6)
    rb-fsevent (0.9.3)
    rdiscount (2.0.7.3)
    redis (3.0.7)
    rubypants (0.2.0)
    sass (3.2.12)
    sass-globbing (1.0.0)
      sass (>= 3.1)
    sinatra (1.4.4)
      rack (~> 1.4)
      rack-protection (~> 1.4)
      tilt (~> 1.3, >= 1.3.4)
    sprockets (2.12.1)
      hike (~> 1.2)
      multi_json (~> 1.0)
      rack (~> 1.0)
      tilt (~> 1.1, != 1.3.0)
    stringex (1.4.0)
    tilt (1.4.1)
    yajl-ruby (1.1.0)

PLATFORMS
  ruby

DEPENDENCIES
  RedCloth (~> 4.2.9)
  active_support (~> 3.0)
  coffee-script
  compass (~> 0.12.2)
  directory_watcher (= 1.4.1)
  em-synchrony
  flickraw (~> 0.1)
  haml (~> 3.1.7)
  hiredis (~> 0.4.5)
  jekyll (~> 0.12)
  jekyll-asset-pipeline
  json
  liquid (~> 2.3.0)
  multi_json
  pygments.rb (~> 0.3.4)
  rake (~> 0.9)
  rb-fsevent (~> 0.9)
  rdiscount (~> 2.0.7)
  redis (~> 3.0.1)
  rubypants (~> 0.2.0)
  sass (~> 3.2)
  sass-globbing (~> 1.0.0)
  sinatra (~> 1.4.2)
  sprockets
  stringex (~> 1.4.0)
  yajl-ruby
